GEM
  remote: http://rubygems.org/
  specs:
    adsf (1.0.1)
      rack (>= 1.0.0)
    builder (2.1.2)
    cri (1.0.1)
    deadweight (0.2.1)
      nokogiri
    jsmin (1.0.1)
    kramdown (0.13.3)
    nanoc (3.1.7)
      nanoc3 (>= 3.1.7)
    nanoc-cachebuster (0.0.1)
    nanoc3 (3.1.7)
      cri (>= 1.0.0)
    nokogiri (1.4.4)
    rack (1.2.2)
    rainpress (1.0)
    rubypants (0.2.0)
    typogruby (1.0.12)
      rubypants

PLATFORMS
  ruby

DEPENDENCIES
  adsf (~> 1.0)
  builder (~> 2.1)
  deadweight (~> 0.1)
  jsmin (~> 1.0)
  kramdown (~> 0.10)
  nanoc (~> 3.1)
  nanoc-cachebuster
  rack (~> 1.2)
  rainpress (~> 1.0)
  typogruby (~> 1.0)
