GEM
  remote: http://rubygems.org/
  specs:
    adsf (1.0.1)
      rack (>= 1.0.0)
    builder (2.1.2)
    coffee-script (2.2.0)
      coffee-script-source
      execjs
    coffee-script-source (1.1.1)
    cri (1.0.1)
    deadweight (0.2.1)
      nokogiri
    execjs (1.1.0)
      multi_json (~> 1.0)
    jsmin (1.0.1)
    kramdown (0.13.3)
    multi_json (1.0.3)
    nanoc (3.1.7)
      nanoc3 (>= 3.1.7)
    nanoc-cachebuster (0.1.2)
    nanoc3 (3.1.7)
      cri (>= 1.0.0)
    nokogiri (1.4.4)
    rack (1.3.0)
    rainpress (1.0)
    rubypants (0.2.0)
    sass (3.1.2)
    typogruby (1.0.12)
      rubypants

PLATFORMS
  ruby

DEPENDENCIES
  adsf (~> 1.0)
  builder (~> 2.1)
  coffee-script
  deadweight (~> 0.2)
  jsmin (~> 1.0)
  kramdown (~> 0.13)
  nanoc (~> 3.1)
  nanoc-cachebuster
  rack (~> 1.2)
  rainpress (~> 1.0)
  sass (~> 3.1)
  typogruby (~> 1.0)
