GEM
  remote: http://rubygems.org/
  specs:
    addressable (2.3.2)
    adsf (1.1.1)
      rack (>= 1.0.0)
    allison (2.0.3)
    builder (3.1.4)
    coffee-script (2.2.0)
      coffee-script-source
      execjs
    coffee-script-source (1.4.0)
    colored (1.2)
    cri (2.3.0)
      colored (>= 1.2)
    css_parser (1.2.6)
      addressable
      rdoc
    deadweight (0.2.2)
      css_parser (~> 1.2.6)
      nokogiri
    echoe (4.6.3)
      allison (>= 2.0.3)
      gemcutter (>= 0.7.0)
      rake (>= 0.9.2)
      rdoc (>= 3.6.1)
      rubyforge (>= 2.0.4)
    execjs (1.4.0)
      multi_json (~> 1.0)
    gemcutter (0.7.1)
    jsmin (1.0.1)
    json (1.7.5)
    json_pure (1.7.5)
    kramdown (0.14.0)
    libv8 (3.3.10.4)
    multi_json (1.3.7)
    nanoc (3.4.2)
      cri (~> 2.2)
    nanoc-cachebuster (0.3.1)
      nanoc (>= 3.3.0)
    nokogiri (1.5.5)
    rack (1.4.1)
    rainpress (1.0)
      echoe
    rake (0.9.2.2)
    rdoc (3.12)
      json (~> 1.4)
    rubyforge (2.0.4)
      json_pure (>= 1.1.7)
    rubypants (0.2.0)
    sass (3.2.2)
    therubyracer (0.10.2)
      libv8 (~> 3.3.10)
    typogruby (1.0.15)
      rubypants

PLATFORMS
  ruby

DEPENDENCIES
  adsf
  builder
  coffee-script
  deadweight
  jsmin
  kramdown
  nanoc
  nanoc-cachebuster
  rack
  rainpress
  sass (~> 3.1)
  therubyracer
  therubyrhino
  typogruby
