GEM
  remote: https://rubygems.org/
  specs:
    addressable (2.3.4)
    adsf (1.1.1)
      rack (>= 1.0.0)
    builder (3.2.2)
    coffee-script (2.2.0)
      coffee-script-source
      execjs
    coffee-script-source (1.6.2)
    colored (1.2)
    cri (2.3.0)
      colored (>= 1.2)
    css_parser (1.2.6)
      addressable
      rdoc
    deadweight (0.2.2)
      css_parser (~> 1.2.6)
      nokogiri
    execjs (1.4.0)
      multi_json (~> 1.0)
    jsmin (1.0.1)
    json (1.8.0)
    kramdown (0.14.2)
    multi_json (1.7.5)
    nanoc (3.6.4)
      cri (~> 2.3)
    nanoc-cachebuster (0.3.1)
      nanoc (>= 3.3.0)
    nokogiri (1.5.9)
    rack (1.5.2)
    rainpress (1.0)
    rdoc (4.0.1)
      json (~> 1.4)
    rubypants (0.2.0)
    sass (3.2.9)
    typogruby (1.0.15)
      rubypants

PLATFORMS
  ruby

DEPENDENCIES
  adsf (~> 1.1)
  builder (~> 3.1)
  coffee-script (~> 2.2)
  deadweight (~> 0.2)
  jsmin (~> 1.0)
  kramdown (~> 0.14)
  nanoc (~> 3.4)
  nanoc-cachebuster (~> 0.3)
  rack (~> 1.4)
  rainpress (~> 1.0)
  sass (~> 3.1)
  typogruby (~> 1.0)
